GEM
  remote: https://rubygems.org/
  specs:
    kitchen-docker (0.13.0)
      test-kitchen (>= 1.0.0.rc.2)
    mixlib-shellout (1.3.0)
    net-scp (1.1.2)
      net-ssh (>= 2.6.5)
    net-ssh (2.7.0)
    safe_yaml (0.9.7)
    test-kitchen (1.1.1)
      mixlib-shellout (~> 1.2)
      net-scp (~> 1.1)
      net-ssh (~> 2.7)
      safe_yaml (~> 0.9)
      thor (~> 0.18)
    thor (0.18.1)

PLATFORMS
  ruby

DEPENDENCIES
  kitchen-docker
